GEM
  remote: https://rubygems.org/
  specs:
    addressable (2.3.3)
    builder (3.0.4)
    connection_pool (0.9.2)
    crack (0.3.1)
    excon (0.16.7)
    fog (1.7.0)
      builder
      excon (~> 0.14)
      formatador (~> 0.2.0)
      mime-types
      multi_json (~> 1.0)
      net-scp (~> 1.0.4)
      net-ssh (>= 2.1.3)
      nokogiri (~> 1.5.0)
      ruby-hmac
    formatador (0.2.4)
    git (1.2.5)
    jeweler (1.8.4)
      bundler (~> 1.0)
      git (>= 1.2.5)
      rake
      rdoc
    jruby-pageant (1.1.1)
    json (1.7.7)
    mime-types (1.21)
    minitest (4.6.1)
    multi_json (1.6.1)
    net-http-persistent (2.8)
    net-scp (1.0.4)
      net-ssh (>= 1.99.1)
    net-ssh (2.4.0)
      jruby-pageant (>= 1.0.2)
    nokogiri (1.5.6)
    rake (10.0.3)
    rdoc (3.12.1)
      json (~> 1.4)
    redis (3.0.2)
    ruby-hmac (0.4.0)
    rubygems-mirror (1.0.1)
      net-http-persistent (>= 2.1)
    vcr (2.4.0)
    webmock (1.8.11)
      addressable (>= 2.2.7)
      crack (>= 0.1.7)

PLATFORMS
  ruby

DEPENDENCIES
  connection_pool
  fog
  jeweler
  minitest
  rake
  redis
  rubygems-mirror
  vcr
  webmock
